PATH
  remote: ../minimagick
  specs:
    mini_magick (4.6.0)

GEM
  remote: https://rubygems.org/
  specs:
    awesome_print (1.7.0)
    byebug (9.0.6)
    chunky_png (1.3.8)
    mini_portile2 (2.1.0)
    nokogiri (1.7.0.1)
      mini_portile2 (~> 2.1.0)
    rtesseract (2.1.0)
      nokogiri
    ruby-opencv (0.0.17)

PLATFORMS
  ruby

DEPENDENCIES
  awesome_print
  byebug
  chunky_png
  mini_magick!
  rtesseract
  ruby-opencv

BUNDLED WITH
   1.14.0
